PATH
  remote: .
  specs:
    legion-json (1.1.2)
      json_pure
      multi_json

GEM
  remote: https://rubygems.org/
  specs:
    ast (2.4.1)
    bigdecimal (2.0.0)
    codecov (0.2.8)
      json
      simplecov
    diff-lcs (1.4.4)
    docile (1.3.2)
    json (2.3.1)
    json_pure (2.3.1)
    multi_json (1.15.0)
    oj (3.10.12)
      bigdecimal (>= 1.0, < 3)
    parallel (1.19.2)
    parser (2.7.1.4)
      ast (~> 2.4.1)
    rainbow (3.0.0)
    rake (13.0.1)
    regexp_parser (1.7.1)
    rexml (3.2.4)
    rspec (3.9.0)
      rspec-core (~> 3.9.0)
      rspec-expectations (~> 3.9.0)
      rspec-mocks (~> 3.9.0)
    rspec-core (3.9.2)
      rspec-support (~> 3.9.3)
    rspec-expectations (3.9.2)
      diff-lcs (>= 1.2.0, < 2.0)
      rspec-support (~> 3.9.0)
    rspec-mocks (3.9.1)
      diff-lcs (>= 1.2.0, < 2.0)
      rspec-support (~> 3.9.0)
    rspec-support (3.9.3)
    rspec_junit_formatter (0.4.1)
      rspec-core (>= 2, < 4, != 2.12.0)
    rubocop (0.89.1)
      parallel (~> 1.10)
      parser (>= 2.7.1.1)
      rainbow (>= 2.2.2, < 4.0)
      regexp_parser (>= 1.7)
      rexml
      rubocop-ast (>= 0.3.0, < 1.0)
      ruby-progressbar (~> 1.7)
      unicode-display_width (>= 1.4.0, < 2.0)
    rubocop-ast (0.3.0)
      parser (>= 2.7.1.4)
    rubocop-performance (1.7.1)
      rubocop (>= 0.82.0)
    ruby-progressbar (1.10.1)
    simplecov (0.17.1)
      docile (~> 1.1)
      json (>= 1.8, < 3)
      simplecov-html (~> 0.10.0)
    simplecov-html (0.10.2)
    unicode-display_width (1.7.0)

PLATFORMS
  ruby

DEPENDENCIES
  bundler
  codecov (~> 0)
  legion-json!
  oj
  rake
  rspec
  rspec_junit_formatter
  rubocop
  rubocop-performance
  simplecov (< 0.18.0)

BUNDLED WITH
   2.1.4
