PATH
  remote: .
  specs:
    legion-json (1.1.3)
      json_pure
      multi_json

GEM
  remote: https://rubygems.org/
  specs:
    ast (2.4.1)
    diff-lcs (1.4.4)
    docile (1.3.2)
    json (2.3.1)
    json_pure (2.3.1)
    multi_json (1.15.0)
    parallel (1.19.2)
    parser (2.7.2.0)
      ast (~> 2.4.1)
    rainbow (3.0.0)
    rake (13.0.1)
    regexp_parser (1.8.2)
    rexml (3.2.4)
    rspec (3.10.0)
      rspec-core (~> 3.10.0)
      rspec-expectations (~> 3.10.0)
      rspec-mocks (~> 3.10.0)
    rspec-core (3.10.0)
      rspec-support (~> 3.10.0)
    rspec-expectations (3.10.0)
      diff-lcs (>= 1.2.0, < 2.0)
      rspec-support (~> 3.10.0)
    rspec-mocks (3.10.0)
      diff-lcs (>= 1.2.0, < 2.0)
      rspec-support (~> 3.10.0)
    rspec-support (3.10.0)
    rspec_junit_formatter (0.4.1)
      rspec-core (>= 2, < 4, != 2.12.0)
    rubocop (1.2.0)
      parallel (~> 1.10)
      parser (>= 2.7.1.5)
      rainbow (>= 2.2.2, < 4.0)
      regexp_parser (>= 1.8)
      rexml
      rubocop-ast (>= 1.0.1)
      ruby-progressbar (~> 1.7)
      unicode-display_width (>= 1.4.0, < 2.0)
    rubocop-ast (1.1.1)
      parser (>= 2.7.1.5)
    rubocop-performance (1.8.1)
      rubocop (>= 0.87.0)
      rubocop-ast (>= 0.4.0)
    ruby-progressbar (1.10.1)
    simplecov (0.17.1)
      docile (~> 1.1)
      json (>= 1.8, < 3)
      simplecov-html (~> 0.10.0)
    simplecov-html (0.10.2)
    simplecov_json_formatter (0.1.2)
    unicode-display_width (1.7.0)

PLATFORMS
  ruby

DEPENDENCIES
  bundler (>= 2)
  legion-json!
  rake
  rspec
  rspec_junit_formatter
  rubocop
  rubocop-performance
  simplecov (< 0.18.0)
  simplecov_json_formatter

BUNDLED WITH
   2.1.4
